GEM
  remote: https://rubygems.org/
  specs:
    addressable (2.8.0)
      public_suffix (>= 2.0.2, < 5.0)
    ansi (1.5.0)
    ast (2.4.2)
    capybara (3.35.3)
      addressable
      mini_mime (>= 0.1.3)
      nokogiri (~> 1.8)
      rack (>= 1.6.0)
      rack-test (>= 0.6.3)
      regexp_parser (>= 1.5, < 3.0)
      xpath (~> 3.2)
    cookiejar (0.3.3)
    daemons (1.4.1)
    diff-lcs (1.4.4)
    docile (1.4.0)
    em-http-request (1.1.7)
      addressable (>= 2.3.4)
      cookiejar (!= 0.3.1)
      em-socksify (>= 0.3)
      eventmachine (>= 1.0.3)
      http_parser.rb (>= 0.6.0)
    em-socksify (0.3.2)
      eventmachine (>= 1.0.0.beta.4)
    eventmachine (1.2.7)
    faye (0.5.0)
      em-http-request (>= 0.2)
      eventmachine (>= 0.12)
      json (>= 1.0)
      rack (>= 1.0)
      thin (>= 1.2)
    ffi (1.15.5)
    growl (1.0.3)
    http_parser.rb (0.8.0)
    iobuffer (1.1.2)
    jar_wrapper (0.1.8)
      zip
    json (2.6.1)
    launchy (2.5.0)
      addressable (~> 2.7)
    libnotify (0.9.4)
      ffi (>= 1.0.11)
    mini_mime (1.1.1)
    mini_portile2 (2.6.1)
    mustermann (1.1.1)
      ruby2_keywords (~> 0.0.1)
    nokogiri (1.12.3)
      mini_portile2 (~> 2.6.1)
      racc (~> 1.4)
    nokogiri (1.12.3-x86_64-darwin)
      racc (~> 1.4)
    parallel (1.20.1)
    parser (3.0.2.0)
      ast (~> 2.4.1)
    public_suffix (4.0.6)
    racc (1.5.2)
    rack (2.2.3)
    rack-protection (2.1.0)
      rack
    rack-test (1.1.0)
      rack (>= 1.0, < 3)
    rainbow (3.0.0)
    rb-inotify (0.10.1)
      ffi (~> 1.0)
    regexp_parser (2.1.1)
    reloader (0.1.0)
      faye (= 0.5.0)
      rev (= 0.3.2)
      rspactor (= 0.7.0.beta.5)
      thin (= 1.2.7)
    rev (0.3.2)
      iobuffer (>= 0.1.3)
    rexml (3.2.5)
    rspactor (0.7.0.beta.5)
      growl (>= 1.0.3)
      libnotify (>= 0.1.3)
      rb-inotify
      sys-uname (>= 0.8.4)
      trollop (>= 1.16.2)
    rspec (3.10.0)
      rspec-core (~> 3.10.0)
      rspec-expectations (~> 3.10.0)
      rspec-mocks (~> 3.10.0)
    rspec-core (3.10.1)
      rspec-support (~> 3.10.0)
    rspec-expectations (3.10.1)
      diff-lcs (>= 1.2.0, < 2.0)
      rspec-support (~> 3.10.0)
    rspec-mocks (3.10.2)
      diff-lcs (>= 1.2.0, < 2.0)
      rspec-support (~> 3.10.0)
    rspec-support (3.10.2)
    rubocop (1.20.0)
      parallel (~> 1.10)
      parser (>= 3.0.0.0)
      rainbow (>= 2.2.2, < 4.0)
      regexp_parser (>= 1.8, < 3.0)
      rexml
      rubocop-ast (>= 1.9.1, < 2.0)
      ruby-progressbar (~> 1.7)
      unicode-display_width (>= 1.4.0, < 3.0)
    rubocop-ast (1.11.0)
      parser (>= 3.0.1.1)
    ruby-progressbar (1.11.0)
    ruby2_keywords (0.0.5)
    selenium (0.2.11)
      jar_wrapper
    simplecov (0.21.2)
      docile (~> 1.1)
      simplecov-html (~> 0.11)
      simplecov_json_formatter (~> 0.1)
    simplecov-console (0.9.1)
      ansi
      simplecov
      terminal-table
    simplecov-html (0.12.3)
    simplecov_json_formatter (0.1.3)
    sinatra (2.1.0)
      mustermann (~> 1.0)
      rack (~> 2.2)
      rack-protection (= 2.1.0)
      tilt (~> 2.0)
    sys-uname (1.2.2)
      ffi (~> 1.1)
    terminal-table (3.0.1)
      unicode-display_width (>= 1.1.1, < 3)
    thin (1.2.7)
      daemons (>= 1.0.9)
      eventmachine (>= 0.12.6)
      rack (>= 1.0.0)
    tilt (2.0.10)
    trollop (2.9.10)
    unicode-display_width (1.6.1)
    webrick (1.7.0)
    xpath (3.2.0)
      nokogiri (~> 1.8)
    zip (2.0.2)

PLATFORMS
  ruby
  x86_64-darwin-20

DEPENDENCIES
  capybara
  launchy (~> 2.5)
  rack (~> 2.2)
  reloader
  rspec
  rubocop (= 1.20)
  selenium (~> 0.2.11)
  simplecov
  simplecov-console
  sinatra
  webrick (~> 1.7)

RUBY VERSION
   ruby 3.0.2p107

BUNDLED WITH
   2.2.28
